PATH
  remote: .
  specs:
    bettybot (0.0.1)
      bson_ext
      mongo
      shotgun
      sinatra

GEM
  remote: http://rubygems.org/
  specs:
    bson (1.4.0)
    bson_ext (1.4.0)
    mongo (1.4.0)
      bson (= 1.4.0)
    rack (1.3.4)
    rack-protection (1.1.4)
      rack
    shotgun (0.9)
      rack (>= 1.0)
    sinatra (1.3.1)
      rack (~> 1.3, >= 1.3.4)
      rack-protection (~> 1.1, >= 1.1.2)
      tilt (~> 1.3, >= 1.3.3)
    tilt (1.3.3)

PLATFORMS
  ruby

DEPENDENCIES
  bettybot!
